GIT
  remote: git@github.com:thorncp/rubot.git
  revision: d6c0947fd6ee7494228f313a572ee897596fd6be
  specs:
    rubot (0.3.0)
      eventmachine
      nokogiri
      sequel
      sqlite3

GEM
  remote: https://rubygems.org/
  specs:
    activemodel (3.0.9)
      activesupport (= 3.0.9)
      builder (~> 2.1.2)
      i18n (~> 0.5.0)
    activesupport (3.0.9)
    addressable (2.2.6)
    builder (2.1.2)
    chronic (0.6.2)
    coderay (1.0.7)
    diff-lcs (1.1.2)
    eventmachine (1.0.0.beta.3)
    git (1.2.5)
    hoe (2.10.0)
      rake (~> 0.8)
    htmlentities (4.3.0)
    httparty (0.8.1)
      multi_json
      multi_xml
    i18n (0.5.0)
    json (1.5.3)
    meme_generator (1.9)
      nokogiri (~> 1.4)
    method_source (0.8)
    mime-types (1.16)
    multi_json (1.0.3)
    multi_xml (0.4.1)
    nokogiri (1.5.0)
    pry (0.9.10)
      coderay (~> 1.0.5)
      method_source (~> 0.8)
      slop (~> 3.3.1)
    rake (0.9.2)
    rspec (2.6.0)
      rspec-core (~> 2.6.0)
      rspec-expectations (~> 2.6.0)
      rspec-mocks (~> 2.6.0)
    rspec-core (2.6.4)
    rspec-expectations (2.6.0)
      diff-lcs (~> 1.1.2)
    rspec-mocks (2.6.0)
    rufus-scheduler (2.0.10)
      tzinfo (>= 0.3.23)
    sequel (3.31.0)
    slop (3.3.2)
    sqlite3 (1.3.5)
    text (0.2.0)
    tinyurl (1.0.0)
      hoe (>= 1.3.0)
    typhoeus (0.2.4)
      mime-types
      mime-types
    tzinfo (0.3.29)
    wordnik (4.06.04)
      activemodel (>= 3.0.3)
      addressable (>= 2.2.4)
      htmlentities (>= 4.2.4)
      json (>= 1.4.6)
      nokogiri (>= 1.4.4)
      typhoeus (>= 0.2.1)

PLATFORMS
  ruby

DEPENDENCIES
  chronic
  eventmachine (= 1.0.0.beta.3)
  git
  httparty
  meme_generator
  nokogiri (= 1.4.4.1)
  pry
  rake
  rspec
  rubot!
  rufus-scheduler
  text
  tinyurl
  wordnik
