GIT
  remote: git@github.com:thorncp/rubot.git
  revision: d6ef9a03e1c1c1dd81917f003c4dfb3864fde324
  specs:
    rubot (0.3.0)
      eventmachine
      nokogiri
      sequel
      sqlite3

GEM
  remote: https://rubygems.org/
  specs:
    activemodel (4.1.8)
      activesupport (= 4.1.8)
      builder (~> 3.1)
    activesupport (4.1.8)
      i18n (~> 0.6, >= 0.6.9)
      json (~> 1.7, >= 1.7.7)
      minitest (~> 5.1)
      thread_safe (~> 0.1)
      tzinfo (~> 1.1)
    addressable (2.3.6)
    builder (3.2.2)
    coderay (1.1.0)
    diff-lcs (1.1.2)
    ethon (0.7.1)
      ffi (>= 1.3.0)
    eventmachine (1.0.3)
    ffi (1.9.6)
    git (1.2.8)
    htmlentities (4.3.2)
    httparty (0.13.3)
      json (~> 1.8)
      multi_xml (>= 0.5.2)
    i18n (0.6.11)
    json (1.8.1)
    method_source (0.8.2)
    mini_portile (0.6.1)
    minitest (5.4.3)
    multi_xml (0.5.5)
    nokogiri (1.6.5)
      mini_portile (~> 0.6.0)
    pry (0.10.1)
      coderay (~> 1.1.0)
      method_source (~> 0.8.1)
      slop (~> 3.4)
    rake (10.4.2)
    rspec (2.6.0)
      rspec-core (~> 2.6.0)
      rspec-expectations (~> 2.6.0)
      rspec-mocks (~> 2.6.0)
    rspec-core (2.6.4)
    rspec-expectations (2.6.0)
      diff-lcs (~> 1.1.2)
    rspec-mocks (2.6.0)
    rufus-scheduler (3.0.9)
      tzinfo
    sequel (3.48.0)
    slop (3.6.0)
    sqlite3 (1.3.10)
    text (1.3.0)
    thread_safe (0.3.4)
    typhoeus (0.6.9)
      ethon (>= 0.7.1)
    tzinfo (1.2.2)
      thread_safe (~> 0.1)
    wordnik (4.12)
      activemodel (>= 3.0.3)
      addressable (>= 2.2.4)
      htmlentities (>= 4.2.4)
      json (>= 1.4.6)
      nokogiri (>= 1.4.4)
      typhoeus (>= 0.2.1)

PLATFORMS
  ruby

DEPENDENCIES
  eventmachine (~> 1.0)
  git (~> 1.2)
  httparty (~> 0.13)
  nokogiri (~> 1.6)
  pry
  rake (~> 10.4)
  rspec
  rubot!
  rufus-scheduler (~> 3.0)
  sequel (~> 3.48)
  text (~> 1.3)
  wordnik (~> 4.12)
